GEM
  remote: https://rubygems.org/
  specs:
    addressable (2.5.2)
      public_suffix (>= 2.0.2, < 4.0)
    faraday (0.15.2)
      multipart-post (>= 1.2, < 3)
    google-gax (1.3.0)
      google-protobuf (~> 3.2)
      googleapis-common-protos (>= 1.3.5, < 2.0)
      googleauth (~> 0.6.2)
      grpc (>= 1.7.2, < 2.0)
      rly (~> 0.2.3)
    google-protobuf (3.6.1-universal-darwin)
    google-showcase (0.1.0)
      google-gax (~> 1.3)
    googleapis-common-protos (1.3.7)
      google-protobuf (~> 3.0)
      googleapis-common-protos-types (~> 1.0)
      grpc (~> 1.0)
    googleapis-common-protos-types (1.0.2)
      google-protobuf (~> 3.0)
    googleauth (0.6.4)
      faraday (~> 0.12)
      jwt (>= 1.4, < 3.0)
      memoist (~> 0.12)
      multi_json (~> 1.11)
      os (>= 0.9, < 2.0)
      signet (~> 0.7)
    grpc (1.14.1-universal-darwin)
      google-protobuf (~> 3.1)
      googleapis-common-protos-types (~> 1.0.0)
    jwt (2.1.0)
    memoist (0.16.0)
    minitest (5.11.3)
    multi_json (1.13.1)
    multipart-post (2.0.0)
    os (1.0.0)
    public_suffix (3.0.2)
    rly (0.2.3)
    signet (0.8.1)
      addressable (~> 2.3)
      faraday (~> 0.9)
      jwt (>= 1.5, < 3.0)
      multi_json (~> 1.10)

PLATFORMS
  ruby

DEPENDENCIES
  google-showcase (~> 0.1.0)
  minitest (~> 5.10)

BUNDLED WITH
   1.16.2
